GEM
  remote: http://rubygems.org/
  specs:
    activesupport (3.2.14)
      i18n (~> 0.6, >= 0.6.4)
      multi_json (~> 1.0)
    bson (1.9.2-java)
    chronic (0.10.2)
    diff-lcs (1.2.5)
    domain_name (0.5.16)
      unf (>= 0.0.5, < 1.0.0)
    ethon (0.7.1)
      ffi (>= 1.3.0)
    excon (0.38.0)
    ffi (1.9.3-java)
    googlevoiceapi (0.1.7)
      htmlentities
      mechanize
    htmlentities (4.3.1)
    http-cookie (1.0.2)
      domain_name (~> 0.5)
    i18n (0.6.9)
    json (1.8.1-java)
    mandrill-api (1.0.52)
      excon (>= 0.16.0, < 1.0)
      json (>= 1.7.7, < 2.0)
    mechanize (2.7.3)
      domain_name (~> 0.5, >= 0.5.1)
      http-cookie (~> 1.0)
      mime-types (~> 2.0)
      net-http-digest_auth (~> 1.1, >= 1.1.1)
      net-http-persistent (~> 2.5, >= 2.5.2)
      nokogiri (~> 1.4)
      ntlm-http (~> 0.1, >= 0.1.1)
      webrobots (>= 0.0.9, < 0.2)
    mime-types (2.1)
    mini_portile (0.5.2)
    mongo (1.9.2)
      bson (~> 1.9.2)
    multi_json (1.8.4)
    net-http-digest_auth (1.4)
    net-http-persistent (2.9.4)
    nokogiri (1.6.1-java)
      mini_portile (~> 0.5.0)
    ntlm-http (0.1.1)
    redis (3.1.0)
    rest-client (1.6.7)
      mime-types (>= 1.16)
    rspec (2.14.1)
      rspec-core (~> 2.14.0)
      rspec-expectations (~> 2.14.0)
      rspec-mocks (~> 2.14.0)
    rspec-core (2.14.8)
    rspec-expectations (2.14.5)
      diff-lcs (>= 1.1.3, < 2.0)
    rspec-mocks (2.14.6)
    typhoeus (0.6.9)
      ethon (>= 0.7.1)
    unf (0.1.3-java)
    webrobots (0.1.1)

PLATFORMS
  java

DEPENDENCIES
  activesupport (= 3.2.14)
  chronic
  googlevoiceapi
  htmlentities
  mandrill-api
  mongo
  redis
  rest-client
  rspec
  typhoeus
